PATH
  remote: .
  specs:
    icunicode (0.1.4)
      icunicode
      jeweler

GEM
  specs:
    activesupport (3.2.13)
      i18n (= 0.6.1)
      multi_json (~> 1.0)
    git (1.2.5)
    i18n (0.6.1)
    jeweler (1.8.4)
      bundler (~> 1.0)
      git (>= 1.2.5)
      rake
      rdoc
    json (1.8.0)
    metaclass (0.0.1)
    mocha (0.14.0)
      metaclass (~> 0.0.1)
    multi_json (1.8.0)
    rake (10.1.0)
    rdoc (4.0.1)
      json (~> 1.4)
    shoulda (3.1.1)
      shoulda-context (~> 1.0)
      shoulda-matchers (~> 1.2)
    shoulda-context (1.0.0)
    shoulda-matchers (1.3.0)
      activesupport (>= 3.0.0)

PLATFORMS
  ruby

DEPENDENCIES
  bundler (~> 1.3)
  icunicode!
  mocha
  shoulda
